PATH
  remote: .
  specs:
    sidekiq-librato (0.0.1)
      librato-metrics
      sidekiq

GEM
  remote: http://rubygems.org/
  specs:
    aggregate (0.2.2)
    celluloid (0.13.0)
      timers (>= 1.0.0)
    connection_pool (1.0.0)
    faraday (0.8.7)
      multipart-post (~> 1.1)
    librato-metrics (1.0.4)
      aggregate (~> 0.2.2)
      faraday (~> 0.7)
      multi_json
    multi_json (1.7.2)
    multipart-post (1.2.0)
    redis (3.0.4)
    redis-namespace (1.3.0)
      redis (~> 3.0.0)
    sidekiq (2.11.2)
      celluloid (>= 0.13.0)
      connection_pool (>= 1.0.0)
      multi_json
      redis (>= 3.0)
      redis-namespace
    timers (1.1.0)

PLATFORMS
  ruby

DEPENDENCIES
  sidekiq-librato!
